GEM
  remote: https://rubygems.org/
  specs:
    aws-s3 (0.6.3)
      builder
      mime-types
      xml-simple
    backports (2.8.2)
    builder (3.0.0)
    haml (4.0.0)
      tilt
    mime-types (1.21)
    monkey-lib (0.5.4)
      backports
    rack (1.5.2)
    rack-protection (1.3.2)
      rack
    rack-test (0.6.2)
      rack (>= 1.0)
    sass (3.2.6)
    sinatra (1.3.4)
      rack (~> 1.4)
      rack-protection (~> 1.3)
      tilt (~> 1.3, >= 1.3.3)
    sinatra-advanced-routes (0.5.2)
      monkey-lib (~> 0.5.0)
      sinatra (~> 1.0)
      sinatra-sugar (~> 0.5.0)
    sinatra-static (0.1.1)
      rack
      rack-test
      sinatra
      sinatra-advanced-routes
      term-ansicolor
    sinatra-sugar (0.5.1)
      monkey-lib (~> 0.5.0)
      sinatra (~> 1.0)
    term-ansicolor (1.0.7)
    tilt (1.3.3)
    xml-simple (1.1.2)

PLATFORMS
  ruby

DEPENDENCIES
  aws-s3
  builder
  haml
  rack-test
  sass
  sinatra
  sinatra-advanced-routes
  sinatra-static
